GEM
  remote: https://rubygems.org/
  specs:
    activemodel (4.1.5)
      activesupport (= 4.1.5)
      builder (~> 3.1)
    activerecord (4.1.5)
      activemodel (= 4.1.5)
      activesupport (= 4.1.5)
      arel (~> 5.0.0)
    activesupport (4.1.5)
      i18n (~> 0.6, >= 0.6.9)
      json (~> 1.7, >= 1.7.7)
      minitest (~> 5.1)
      thread_safe (~> 0.1)
      tzinfo (~> 1.1)
    addressable (2.3.6)
    airbrake (3.1.15)
      builder
      multi_json
    arel (5.0.1.20140414130214)
    builder (3.1.4)
    database_cleaner (1.0.1)
    diff-lcs (1.2.4)
    erubis (2.7.0)
    ffi (1.9.0)
    i18n (0.6.11)
    json (1.8.1)
    kgio (2.8.0)
    listen (1.3.0)
      rb-fsevent (>= 0.9.3)
      rb-inotify (>= 0.9)
      rb-kqueue (>= 0.2)
    mini_portile (0.5.0)
    minitest (5.4.0)
    mr-sparkle (0.2.0)
      listen (~> 1.0)
      rb-fsevent (>= 0.9)
      rb-inotify (>= 0.8)
      unicorn (>= 4.5)
    multi_json (1.8.2)
    mysql2 (0.3.16)
    nokogiri (1.6.0)
      mini_portile (~> 0.5.0)
    optic14n (2.0.0)
      addressable (~> 2.3)
    rack (1.5.2)
    rack-test (0.6.2)
      rack (>= 1.0)
    raindrops (0.11.0)
    rake (10.1.0)
    rb-fsevent (0.9.3)
    rb-inotify (0.9.1)
      ffi (>= 0.5.0)
    rb-kqueue (0.2.0)
      ffi (>= 0.5.0)
    rspec (2.13.0)
      rspec-core (~> 2.13.0)
      rspec-expectations (~> 2.13.0)
      rspec-mocks (~> 2.13.0)
    rspec-core (2.13.1)
    rspec-expectations (2.13.0)
      diff-lcs (>= 1.1.3, < 2.0)
    rspec-mocks (2.13.1)
    thread_safe (0.3.4)
    tzinfo (1.2.2)
      thread_safe (~> 0.1)
    unicorn (4.6.3)
      kgio (~> 2.6)
      rack
      raindrops (~> 0.7)

PLATFORMS
  ruby

DEPENDENCIES
  activerecord (= 4.1.5)
  airbrake (= 3.1.15)
  database_cleaner (= 1.0.1)
  erubis (= 2.7.0)
  mr-sparkle (= 0.2.0)
  mysql2 (= 0.3.16)
  nokogiri (= 1.6.0)
  optic14n (= 2.0.0)
  rack (= 1.5.2)
  rack-test (= 0.6.2)
  rake (= 10.1.0)
  rspec (= 2.13.0)
  unicorn (= 4.6.3)
